GIT
  remote: git@github.com:blambeau/qrb.git
  revision: dbd61ebb254470aa1fc0f77c65ad449665c25a3b
  specs:
    qrb (0.4.0)
      citrus (~> 2.4)

GEM
  remote: https://rubygems.org/
  specs:
    alf (0.16.0)
      alf-core (~> 0.16.0)
      alf-rack (~> 0.16.0)
      alf-repl (~> 0.16.0)
      alf-sequel (~> 0.16.0)
      alf-shell (~> 0.16.0)
      alf-sql (~> 0.16.0)
    alf-core (0.16.0)
      domain (~> 1.0)
      myrrha (~> 3.0)
      path (~> 1.3)
      sexpr (~> 0.6.0)
    alf-rack (0.16.0)
      alf-core (= 0.16.0)
      rack (~> 1.5)
      rack-accept (~> 0.4.5)
      ruby_cop (~> 1.0)
    alf-repl (0.16.0)
      alf-core (= 0.16.0)
      alf-rack (= 0.16.0)
      rack (~> 1.5)
      rack-robustness (~> 1.1)
      sinatra (~> 1.4)
      sprockets (~> 2.10)
      wlang (~> 2.2)
    alf-sequel (0.16.0)
      alf-core (= 0.16.0)
      alf-sql (= 0.16.0)
      sequel (~> 4.2)
    alf-shell (0.16.0)
      alf-core (= 0.16.0)
      highline (~> 1.6)
      quickl (~> 0.4.3)
    alf-sql (0.16.0)
      alf-core (= 0.16.0)
      sexpr (~> 0.6.0)
    backports (2.8.2)
    citrus (2.4.1)
    diff-lcs (1.2.5)
    domain (1.0.0)
    highline (1.6.20)
    hike (1.2.3)
    macaddr (1.6.1)
      systemu (~> 2.5.0)
    mini_portile (0.5.2)
    multi_json (1.8.4)
    myrrha (3.0.0)
      domain (~> 1.0)
    nokogiri (1.6.1)
      mini_portile (~> 0.5.0)
    path (1.3.3)
    pg (0.17.1)
    quickl (0.4.3)
    rack (1.5.2)
    rack-accept (0.4.5)
      rack (>= 0.4)
    rack-protection (1.5.2)
      rack
    rack-robustness (1.1.0)
    rake (10.1.1)
    rspec (2.14.1)
      rspec-core (~> 2.14.0)
      rspec-expectations (~> 2.14.0)
      rspec-mocks (~> 2.14.0)
    rspec-core (2.14.7)
    rspec-expectations (2.14.4)
      diff-lcs (>= 1.1.3, < 2.0)
    rspec-mocks (2.14.4)
    ruby_cop (1.0.5)
    sequel (4.7.0)
    sexpr (0.6.0)
    sinatra (1.4.4)
      rack (~> 1.4)
      rack-protection (~> 1.4)
      tilt (~> 1.3, >= 1.3.4)
    sprockets (2.10.1)
      hike (~> 1.2)
      multi_json (~> 1.0)
      rack (~> 1.0)
      tilt (~> 1.1, != 1.3.0)
    systemu (2.5.2)
    temple (0.6.7)
    tilt (1.4.1)
    uuid (2.3.7)
      macaddr (~> 1.0)
    wlang (2.2.3)
      backports (~> 2.6)
      citrus (~> 2.4.1)
      path (~> 1.3)
      quickl (~> 0.4.3)
      temple (~> 0.6)

PLATFORMS
  ruby

DEPENDENCIES
  alf
  nokogiri
  path
  pg
  qrb!
  rake
  rspec
  sequel
  uuid
