GIT
  remote: git@github.com:blambeau/qrb.git
  revision: dbd61ebb254470aa1fc0f77c65ad449665c25a3b
  specs:
    qrb (0.4.0)
      citrus (~> 2.4)

GEM
  remote: https://rubygems.org/
  specs:
    citrus (2.4.1)
    diff-lcs (1.2.5)
    mini_portile (0.5.2)
    nokogiri (1.6.1)
      mini_portile (~> 0.5.0)
    path (1.3.3)
    rspec (2.14.1)
      rspec-core (~> 2.14.0)
      rspec-expectations (~> 2.14.0)
      rspec-mocks (~> 2.14.0)
    rspec-core (2.14.7)
    rspec-expectations (2.14.4)
      diff-lcs (>= 1.1.3, < 2.0)
    rspec-mocks (2.14.4)

PLATFORMS
  ruby

DEPENDENCIES
  nokogiri
  path
  qrb!
  rspec
